GEM
  remote: http://rubygems.org/
  specs:
    bubble-wrap (1.1.4)
    geomotion (0.1)

PLATFORMS
  ruby

DEPENDENCIES
  bubble-wrap
  geomotion
